GEM
  remote: https://rubygems.org/
  specs:
    google-protobuf (3.23.4-arm64-darwin)
    googleapis-common-protos-types (1.7.0)
      google-protobuf (~> 3.14)
    grpc (1.56.2)
      google-protobuf (~> 3.23)
      googleapis-common-protos-types (~> 1.0)

PLATFORMS
  arm64-darwin-21

DEPENDENCIES
  grpc

BUNDLED WITH
   2.4.17
